GEM
  remote: http://rubygems.org/
  specs:
    childprocess (0.9.0)
      ffi (~> 1.0, >= 1.0.11)
    coderay (1.1.2)
    ffi (1.9.25)
    girbot (0.2.0)
      headless (= 2.3.1)
      nokogiri (= 1.8.1)
      pry
      selenium-webdriver (= 3.13.0)
      watir (= 6.11.0)
    headless (2.3.1)
    method_source (0.9.0)
    mini_portile2 (2.3.0)
    nokogiri (1.8.1)
      mini_portile2 (~> 2.3.0)
    pry (0.11.3)
      coderay (~> 1.1.0)
      method_source (~> 0.9.0)
    rubyzip (1.2.1)
    selenium-webdriver (3.13.0)
      childprocess (~> 0.5)
      rubyzip (~> 1.2)
    watir (6.11.0)
      selenium-webdriver (~> 3.4, >= 3.4.1)

PLATFORMS
  ruby

DEPENDENCIES
  girbot (= 0.2.0)

BUNDLED WITH
   1.16.2
