PATH
  remote: ../../girbot
  specs:
    girbot (0.1.2)
      headless (= 2.3.1)
      nokogiri (= 1.8.1)
      pry
      selenium-webdriver (= 3.0.5)
      watir (= 6.1.0)
      watir-webdriver (= 0.9.9)

GEM
  remote: http://rubygems.org/
  specs:
    childprocess (0.8.0)
      ffi (~> 1.0, >= 1.0.11)
    coderay (1.1.2)
    ffi (1.9.23)
    headless (2.3.1)
    method_source (0.9.0)
    mini_portile2 (2.3.0)
    nokogiri (1.8.1)
      mini_portile2 (~> 2.3.0)
    pry (0.11.3)
      coderay (~> 1.1.0)
      method_source (~> 0.9.0)
    rubyzip (1.2.1)
    selenium-webdriver (3.0.5)
      childprocess (~> 0.5)
      rubyzip (~> 1.0)
      websocket (~> 1.0)
    watir (6.1.0)
      selenium-webdriver (~> 3.0)
    watir-webdriver (0.9.9)
      selenium-webdriver (>= 2.46.2)
    websocket (1.2.5)

PLATFORMS
  ruby

DEPENDENCIES
  girbot!

BUNDLED WITH
   1.16.1
